GEM
  remote: https://rubygems.org/
  specs:
    o_stream_catcher (0.0.1)

PLATFORMS
  ruby

DEPENDENCIES
  o_stream_catcher

BUNDLED WITH
   2.0.2
